PATH
  remote: ../runways
  specs:
    runways (0.0.3)
      rack

GEM
  remote: https://rubygems.org/
  specs:
    rack (1.6.0)

PLATFORMS
  ruby
  x86-mingw32

DEPENDENCIES
  runways!
