PATH
  remote: ../runways
  specs:
    runways (0.0.3)
      erubis
      multi_json
      rack
      sqlite3

GEM
  remote: https://rubygems.org/
  specs:
    erubis (2.7.0)
    multi_json (1.11.0)
    rack (1.6.0)
    sqlite3 (1.3.10)

PLATFORMS
  ruby
  x86-mingw32

DEPENDENCIES
  runways!
