GEM
  remote: https://rubygems.org/
  specs:
    rack (1.6.0)
    runways (0.0.1)
      rack

PLATFORMS
  ruby
  x86-mingw32

DEPENDENCIES
  runways
